GEM
  remote: http://rubygems.org/
  specs:
    addressable (2.2.6)
    diff-lcs (1.1.3)
    faraday (0.7.6)
      addressable (~> 2.2)
      multipart-post (~> 1.1)
      rack (~> 1.1)
    git (1.2.5)
    hashie (1.2.0)
    jeweler (1.8.3)
      bundler (~> 1.0)
      git (>= 1.2.5)
      rake
      rdoc
    json (1.6.5)
    mime-types (1.17.2)
    multi_json (1.0.4)
    multipart-post (1.1.4)
    oauth2 (0.5.2)
      faraday (~> 0.7)
      multi_json (~> 1.0)
    rack (1.4.1)
    rake (0.9.2.2)
    rdoc (3.12)
      json (~> 1.4)
    rspec (2.8.0)
      rspec-core (~> 2.8.0)
      rspec-expectations (~> 2.8.0)
      rspec-mocks (~> 2.8.0)
    rspec-core (2.8.0)
    rspec-expectations (2.8.0)
      diff-lcs (~> 1.1.2)
    rspec-mocks (2.8.0)
    simplecov (0.5.4)
      multi_json (~> 1.0.3)
      simplecov-html (~> 0.5.3)
    simplecov-html (0.5.3)
    yajl-ruby (1.1.0)
    yard (0.7.5)

PLATFORMS
  ruby

DEPENDENCIES
  bundler
  hashie (~> 1.2.0)
  jeweler
  mime-types (~> 1.17.2)
  oauth2 (~> 0.5.2)
  rspec
  simplecov
  yajl-ruby (~> 1.1.0)
  yard
