GEM
  remote: http://rubygems.org/
  specs:
    addressable (2.2.6)
    diff-lcs (1.1.3)
    faraday (0.7.5)
      addressable (~> 2.2.6)
      multipart-post (~> 1.1.3)
      rack (>= 1.1.0, < 2)
    git (1.2.5)
    hashie (1.2.0)
    jeweler (1.6.4)
      bundler (~> 1.0)
      git (>= 1.2.5)
      rake
    mime-types (1.17.2)
    multi_json (1.0.3)
    multipart-post (1.1.3)
    oauth2 (0.5.1)
      faraday (~> 0.7.4)
      multi_json (~> 1.0.3)
    rack (1.3.4)
    rake (0.9.2)
    rcov (0.9.11)
    rspec (2.6.0)
      rspec-core (~> 2.6.0)
      rspec-expectations (~> 2.6.0)
      rspec-mocks (~> 2.6.0)
    rspec-core (2.6.4)
    rspec-expectations (2.6.0)
      diff-lcs (~> 1.1.2)
    rspec-mocks (2.6.0)
    yajl-ruby (1.1.0)
    yard (0.7.2)

PLATFORMS
  ruby

DEPENDENCIES
  bundler
  hashie (~> 1.2.0)
  jeweler
  mime-types (~> 1.17.2)
  oauth2 (~> 0.5.1)
  rcov
  rspec
  yajl-ruby (~> 1.1.0)
  yard
